GEM
  remote: https://rubygems.org/
  specs:
    builder (3.2.2)
    faraday (0.9.2)
      multipart-post (>= 1.2, < 3)
    faraday_middleware (0.10.0)
      faraday (>= 0.7.4, < 0.10)
    feedbag (0.9.5)
      nokogiri (~> 1.0)
    feedjira (2.0.0)
      faraday (~> 0.9)
      faraday_middleware (~> 0.9)
      loofah (~> 2.0)
      sax-machine (~> 1.0)
    ffi (1.9.10)
    guess_html_encoding (0.0.11)
    hashie (3.4.3)
    listen (3.0.5)
      rb-fsevent (>= 0.9.3)
      rb-inotify (>= 0.9)
    loofah (2.0.3)
      nokogiri (>= 1.5.9)
    mini_portile2 (2.0.0)
    multi_json (1.11.2)
    multi_xml (0.5.5)
    multipart-post (2.0.0)
    nokogiri (1.6.7)
      mini_portile2 (~> 2.0.0.rc2)
    rack (1.6.4)
    rack-protection (1.5.3)
      rack
    rb-fsevent (0.9.6)
    rb-inotify (0.9.5)
      ffi (>= 0.5.0)
    readability_parser (0.0.5)
      faraday (~> 0.9)
      faraday_middleware (~> 0.9)
      hashie (~> 3.2)
      multi_json (~> 1.10)
      multi_xml (~> 0.5)
    redis (3.2.2)
    rerun (0.11.0)
      listen (~> 3.0)
    ruby-readability (0.7.0)
      guess_html_encoding (>= 0.0.4)
      nokogiri (>= 1.6.0)
    sax-machine (1.3.2)
    sinatra (1.4.6)
      rack (~> 1.4)
      rack-protection (~> 1.4)
      tilt (>= 1.3, < 3)
    tilt (2.0.1)

PLATFORMS
  ruby

DEPENDENCIES
  builder
  feedbag
  feedjira
  readability_parser
  redis
  rerun
  ruby-readability
  sinatra

BUNDLED WITH
   1.10.6
